GIT
  remote: git://github.com/trinidad/trinidad.git
  revision: 9adc0e0abcadc26eb223b9b14802bf018056e149
  branch: java_web_app
  specs:
    trinidad (1.2.3)
      jruby-rack (>= 1.0.9)
      trinidad_jars (>= 1.0.1)
    trinidad_jars (1.0.2)

GEM
  remote: http://rubygems.org/
  specs:
    jruby-rack (1.0.9)

PLATFORMS
  java

DEPENDENCIES
  trinidad!
  trinidad_jars!
