GIT
  remote: git://github.com/trinidad/trinidad.git
  revision: 7ea27ee82f64fc41d3dcf68cb87353c4909f8a40
  branch: java_web_app
  specs:
    trinidad (1.2.3)
      jruby-rack (>= 1.0.9)
      trinidad_jars (>= 1.0.1)
    trinidad_jars (1.0.1)

GEM
  remote: http://rubygems.org/
  specs:
    jruby-rack (1.0.9)

PLATFORMS
  java

DEPENDENCIES
  trinidad!
